GIT
  remote: git@code.jkraemer.net:jk/capistrano-cloud-stuff
  revision: afe32a16ed0b537ce0bcceb00a345c90248dd45a
  specs:
    capistrano-cloud-stuff (0.1.0)
      capistrano (>= 3.1)

GIT
  remote: https://github.com/electricthings/decidim
  revision: 0eeebe6b1c13ca88578970356047636bbb8332b7
  branch: fundaction/0.22-stable
  specs:
    decidim (0.22.0.rc1)
      decidim-accountability (= 0.22.0.rc1)
      decidim-admin (= 0.22.0.rc1)
      decidim-api (= 0.22.0.rc1)
      decidim-assemblies (= 0.22.0.rc1)
      decidim-blogs (= 0.22.0.rc1)
      decidim-budgets (= 0.22.0.rc1)
      decidim-comments (= 0.22.0.rc1)
      decidim-core (= 0.22.0.rc1)
      decidim-debates (= 0.22.0.rc1)
      decidim-forms (= 0.22.0.rc1)
      decidim-generators (= 0.22.0.rc1)
      decidim-meetings (= 0.22.0.rc1)
      decidim-pages (= 0.22.0.rc1)
      decidim-participatory_processes (= 0.22.0.rc1)
      decidim-proposals (= 0.22.0.rc1)
      decidim-sortitions (= 0.22.0.rc1)
      decidim-surveys (= 0.22.0.rc1)
      decidim-system (= 0.22.0.rc1)
      decidim-verifications (= 0.22.0.rc1)
    decidim-accountability (0.22.0.rc1)
      decidim-comments (= 0.22.0.rc1)
      decidim-core (= 0.22.0.rc1)
      kaminari (~> 1.2, >= 1.2.1)
      searchlight (~> 4.1)
    decidim-admin (0.22.0.rc1)
      active_link_to (~> 1.0)
      decidim-core (= 0.22.0.rc1)
      devise (~> 4.7)
      devise-i18n (~> 1.2)
      devise_invitable (~> 1.7)
      jquery-rails (~> 4.3)
      sassc (~> 2.3.0)
      sassc-rails (~> 2.1.2)
    decidim-api (0.22.0.rc1)
      graphiql-rails (~> 1.4, < 1.5)
      graphql (~> 1.9)
      rack-cors (~> 1.0)
      redcarpet (~> 3.4)
      sprockets-es6 (~> 0.9.2)
    decidim-assemblies (0.22.0.rc1)
      decidim-core (= 0.22.0.rc1)
    decidim-blogs (0.22.0.rc1)
      decidim-admin (= 0.22.0.rc1)
      decidim-comments (= 0.22.0.rc1)
      decidim-core (= 0.22.0.rc1)
      httparty (~> 0.17)
      jquery-tmpl-rails (~> 1.1)
      kaminari (~> 1.2, >= 1.2.1)
    decidim-budgets (0.22.0.rc1)
      decidim-comments (= 0.22.0.rc1)
      decidim-core (= 0.22.0.rc1)
      kaminari (~> 1.2, >= 1.2.1)
      searchlight (~> 4.1)
    decidim-comments (0.22.0.rc1)
      decidim-core (= 0.22.0.rc1)
      jquery-rails (~> 4.3)
      redcarpet (~> 3.4)
    decidim-consultations (0.22.0.rc1)
      decidim-admin (= 0.22.0.rc1)
      decidim-comments (= 0.22.0.rc1)
      decidim-core (= 0.22.0.rc1)
    decidim-core (0.22.0.rc1)
      active_link_to (~> 1.0)
      anchored (>= 1.1.0)
      autoprefixer-rails (~> 8.0)
      batch-loader (~> 1.2)
      browser (~> 2.7)
      carrierwave (~> 1.3)
      cells-erb (~> 0.1.0)
      cells-rails (~> 0.0.9)
      charlock_holmes (~> 0.7)
      date_validator (~> 0.9.0)
      decidim-api (= 0.22.0.rc1)
      devise (~> 4.7)
      devise-i18n (~> 1.2)
      diffy (~> 3.3)
      doorkeeper (~> 5.1)
      doorkeeper-i18n (~> 4.0)
      etherpad-lite (~> 0.3)
      file_validators (~> 2.1)
      foundation-rails (~> 6.4, < 6.5)
      foundation_rails_helper (~> 3.0)
      geocoder (>= 1.5)
      hashdiff (>= 0.4.0, < 2.0.0)
      invisible_captcha (~> 0.12)
      jquery-rails (~> 4.3)
      kaminari (~> 1.2, >= 1.2.1)
      loofah (~> 2.3.1)
      mini_magick (~> 4.9)
      mustache (~> 1.1.0)
      nobspw (~> 0.6.0)
      omniauth (~> 1.9)
      omniauth-facebook (~> 5.0)
      omniauth-google-oauth2 (~> 0.7)
      omniauth-rails_csrf_protection (~> 0.1)
      omniauth-twitter (~> 1.4)
      paper_trail (~> 10.3)
      pg (~> 1.1.4, < 2)
      pg_search (~> 2.2)
      premailer-rails (~> 1.10)
      rack (>= 2.0.8)
      rack-attack (~> 6.0)
      rails (>= 5.2.4.3, < 6.0.x)
      rails-i18n (~> 5.0)
      rectify (~> 0.13.0)
      redis (~> 4.1)
      rinku (~> 2.0.5)
      rubyzip (~> 2.0)
      sassc (~> 2.3.0)
      sassc-rails (~> 2.1.2)
      seven_zip_ruby (~> 1.2, >= 1.2.2)
      social-share-button (~> 1.2, >= 1.2.1)
      spreadsheet (~> 1.2)
      sprockets (~> 3.7, < 4)
      sprockets-es6 (~> 0.9.2)
      truncato (~> 0.7)
      uglifier (~> 4.1)
      valid_email2 (~> 2.1)
      wisper (~> 2.0)
    decidim-debates (0.22.0.rc1)
      decidim-comments (= 0.22.0.rc1)
      decidim-core (= 0.22.0.rc1)
      kaminari (~> 1.2, >= 1.2.1)
      searchlight (~> 4.1)
    decidim-forms (0.22.0.rc1)
      decidim-core (= 0.22.0.rc1)
    decidim-generators (0.22.0.rc1)
      decidim-core (= 0.22.0.rc1)
    decidim-meetings (0.22.0.rc1)
      cells-erb (~> 0.1.0)
      cells-rails (~> 0.0.9)
      decidim-core (= 0.22.0.rc1)
      decidim-forms (= 0.22.0.rc1)
      httparty (~> 0.17)
      icalendar (~> 2.5)
      jquery-tmpl-rails (~> 1.1)
      kaminari (~> 1.2, >= 1.2.1)
      searchlight (~> 4.1)
    decidim-pages (0.22.0.rc1)
      decidim-core (= 0.22.0.rc1)
    decidim-participatory_processes (0.22.0.rc1)
      decidim-core (= 0.22.0.rc1)
    decidim-proposals (0.22.0.rc1)
      acts_as_list (~> 0.9)
      cells-erb (~> 0.1.0)
      cells-rails (~> 0.0.9)
      decidim-comments (= 0.22.0.rc1)
      decidim-core (= 0.22.0.rc1)
      doc2text (~> 0.4.2)
      kaminari (~> 1.2, >= 1.2.1)
      ransack (~> 2.1.1)
      redcarpet (~> 3.4)
    decidim-sortitions (0.22.0.rc1)
      decidim-admin (= 0.22.0.rc1)
      decidim-comments (= 0.22.0.rc1)
      decidim-core (= 0.22.0.rc1)
      decidim-proposals (= 0.22.0.rc1)
    decidim-surveys (0.22.0.rc1)
      decidim-core (= 0.22.0.rc1)
      decidim-forms (= 0.22.0.rc1)
    decidim-system (0.22.0.rc1)
      active_link_to (~> 1.0)
      decidim-core (= 0.22.0.rc1)
      devise (~> 4.7)
      devise-i18n (~> 1.2)
      devise_invitable (~> 1.7)
      jquery-rails (~> 4.3)
      sassc (~> 2.3.0)
      sassc-rails (~> 2.1.2)
    decidim-verifications (0.22.0.rc1)
      decidim-core (= 0.22.0.rc1)

GIT
  remote: https://github.com/electricthings/decidim-members
  revision: 478d81d01ff35f2d07220ed80ee762bafc88a459
  specs:
    decidim-members (0.3.0)
      decidim-core (>= 0.13.0)
      rails (~> 5.2.0)
      sanitize (~> 4.5)

GIT
  remote: https://github.com/electricthings/decidim-module-calendar
  revision: efbb11b9de4b3764122360b44e5f8ea32f1d7946
  branch: master
  specs:
    decidim-calendar (0.19.0)
      decidim-admin (>= 0.19.0)
      decidim-core (>= 0.19.0)

GEM
  remote: https://rubygems.org/
  specs:
    actioncable (5.2.4.3)
      actionpack (= 5.2.4.3)
      nio4r (~> 2.0)
      websocket-driver (>= 0.6.1)
    actionmailer (5.2.4.3)
      actionpack (= 5.2.4.3)
      actionview (= 5.2.4.3)
      activejob (= 5.2.4.3)
      mail (~> 2.5, >= 2.5.4)
      rails-dom-testing (~> 2.0)
    actionpack (5.2.4.3)
      actionview (= 5.2.4.3)
      activesupport (= 5.2.4.3)
      rack (~> 2.0, >= 2.0.8)
      rack-test (>= 0.6.3)
      rails-dom-testing (~> 2.0)
      rails-html-sanitizer (~> 1.0, >= 1.0.2)
    actionview (5.2.4.3)
      activesupport (= 5.2.4.3)
      builder (~> 3.1)
      erubi (~> 1.4)
      rails-dom-testing (~> 2.0)
      rails-html-sanitizer (~> 1.0, >= 1.0.3)
    active_link_to (1.0.5)
      actionpack
      addressable
    activejob (5.2.4.3)
      activesupport (= 5.2.4.3)
      globalid (>= 0.3.6)
    activemodel (5.2.4.3)
      activesupport (= 5.2.4.3)
    activerecord (5.2.4.3)
      activemodel (= 5.2.4.3)
      activesupport (= 5.2.4.3)
      arel (>= 9.0)
    activestorage (5.2.4.3)
      actionpack (= 5.2.4.3)
      activerecord (= 5.2.4.3)
      marcel (~> 0.3.1)
    activesupport (5.2.4.3)
      concurrent-ruby (~> 1.0, >= 1.0.2)
      i18n (>= 0.7, < 2)
      minitest (~> 5.1)
      tzinfo (~> 1.1)
    acts_as_list (0.9.19)
      activerecord (>= 3.0)
    addressable (2.7.0)
      public_suffix (>= 2.0.2, < 5.0)
    airbrake (7.4.0)
      airbrake-ruby (~> 2.12)
    airbrake-ruby (2.12.0)
    airbrussh (1.4.0)
      sshkit (>= 1.6.1, != 1.7.0)
    anchored (1.1.0)
    arel (9.0.0)
    autoprefixer-rails (8.6.5)
      execjs
    axiom-types (0.1.1)
      descendants_tracker (~> 0.0.4)
      ice_nine (~> 0.11.0)
      thread_safe (~> 0.3, >= 0.3.1)
    babel-source (5.8.35)
    babel-transpiler (0.7.0)
      babel-source (>= 4.0, < 6)
      execjs (~> 2.0)
    batch-loader (1.5.0)
    bcrypt (3.1.15)
    bcrypt_pbkdf (1.0.1)
    bindex (0.8.1)
    browser (2.7.1)
    builder (3.2.4)
    byebug (11.1.3)
    capistrano (3.10.2)
      airbrussh (>= 1.0.0)
      i18n
      rake (>= 10.0.0)
      sshkit (>= 1.9.0)
    capistrano-bundler (1.6.0)
      capistrano (~> 3.1)
    capistrano-chruby (0.1.2)
      capistrano (~> 3.0)
      sshkit (~> 1.3)
    capistrano-rails (1.5.0)
      capistrano (~> 3.1)
      capistrano-bundler (~> 1.1)
    carrierwave (1.3.1)
      activemodel (>= 4.0.0)
      activesupport (>= 4.0.0)
      mime-types (>= 1.16)
    cells (4.1.7)
      declarative-builder (< 0.2.0)
      declarative-option (< 0.2.0)
      tilt (>= 1.4, < 3)
      uber (< 0.2.0)
    cells-erb (0.1.0)
      cells (~> 4.0)
      erbse (>= 0.1.1)
    cells-rails (0.0.9)
      actionpack (>= 3.0)
      cells (>= 4.1.6, < 5.0.0)
    charlock_holmes (0.7.7)
    coercible (1.0.0)
      descendants_tracker (~> 0.0.1)
    coffee-rails (5.0.0)
      coffee-script (>= 2.2.0)
      railties (>= 5.2.0)
    coffee-script (2.4.1)
      coffee-script-source
      execjs
    coffee-script-source (1.12.2)
    concurrent-ruby (1.1.6)
    connection_pool (2.2.3)
    countries (2.1.4)
      i18n_data (~> 0.8.0)
      money (~> 6.9)
      sixarm_ruby_unaccent (~> 1.1)
      unicode_utils (~> 1.4)
    country_select (3.1.1)
      countries (~> 2.0)
      sort_alphabetical (~> 1.0)
    crass (1.0.6)
    css_parser (1.7.1)
      addressable
    dalli (2.7.10)
    date_validator (0.9.0)
      activemodel
      activesupport
    declarative-builder (0.1.0)
      declarative-option (< 0.2.0)
    declarative-option (0.1.0)
    delayed_job (4.1.8)
      activesupport (>= 3.0, < 6.1)
    delayed_job_active_record (4.1.4)
      activerecord (>= 3.0, < 6.1)
      delayed_job (>= 3.0, < 5)
    descendants_tracker (0.0.4)
      thread_safe (~> 0.3, >= 0.3.1)
    devise (4.7.2)
      bcrypt (~> 3.0)
      orm_adapter (~> 0.1)
      railties (>= 4.1.0)
      responders
      warden (~> 1.2.3)
    devise-i18n (1.9.2)
      devise (>= 4.7.1)
    devise_invitable (1.7.5)
      actionmailer (>= 4.1.0)
      devise (>= 4.0.0)
    diffy (3.4.0)
    doc2text (0.4.2)
      nokogiri (~> 1.10.0)
      rubyzip (~> 2.0.0)
    domain_name (0.5.20190701)
      unf (>= 0.0.5, < 1.0.0)
    doorkeeper (5.4.0)
      railties (>= 5)
    doorkeeper-i18n (4.0.1)
    ed25519 (1.2.4)
    equalizer (0.0.11)
    erbse (0.1.4)
      temple
    erubi (1.9.0)
    etherpad-lite (0.3.0)
      rest-client (>= 1.6)
    execjs (2.7.0)
    faker (2.13.0)
      i18n (>= 1.6, < 2)
    faraday (1.0.1)
      multipart-post (>= 1.2, < 3)
    ffi (1.13.1)
    file_validators (2.3.0)
      activemodel (>= 3.2)
      mime-types (>= 1.0)
    foundation-rails (6.4.3.0)
      railties (>= 3.1.0)
      sass (>= 3.3.0, < 3.5)
      sprockets-es6 (>= 0.9.0)
    foundation_rails_helper (3.0.0)
      actionpack (>= 4.1, < 6.0)
      activemodel (>= 4.1, < 6.0)
      activesupport (>= 4.1, < 6.0)
      railties (>= 4.1, < 6.0)
      tzinfo (~> 1.2, >= 1.2.2)
    geocoder (1.6.3)
    get_process_mem (0.2.7)
      ffi (~> 1.0)
    globalid (0.4.2)
      activesupport (>= 4.2.0)
    graphiql-rails (1.4.11)
      railties
      sprockets-rails
    graphql (1.11.4)
    hashdiff (1.0.1)
    hashie (4.1.0)
    htmlentities (4.3.4)
    http-accept (1.7.0)
    http-cookie (1.0.3)
      domain_name (~> 0.5)
    httparty (0.18.1)
      mime-types (~> 3.0)
      multi_xml (>= 0.5.2)
    i18n (1.8.3)
      concurrent-ruby (~> 1.0)
    i18n_data (0.8.0)
    icalendar (2.6.1)
      ice_cube (~> 0.16)
    ice_cube (0.16.3)
    ice_nine (0.11.2)
    invisible_captcha (0.13.0)
      rails (>= 3.2.0)
    jquery-rails (4.4.0)
      rails-dom-testing (>= 1, < 3)
      railties (>= 4.2.0)
      thor (>= 0.14, < 2.0)
    jquery-tmpl-rails (1.1.0)
      rails (>= 3.1.0)
    json (2.3.1)
    jwt (2.2.2)
    kaminari (1.2.1)
      activesupport (>= 4.1.0)
      kaminari-actionview (= 1.2.1)
      kaminari-activerecord (= 1.2.1)
      kaminari-core (= 1.2.1)
    kaminari-actionview (1.2.1)
      actionview
      kaminari-core (= 1.2.1)
    kaminari-activerecord (1.2.1)
      activerecord
      kaminari-core (= 1.2.1)
    kaminari-core (1.2.1)
    language_list (1.2.1)
    launchy (2.5.0)
      addressable (~> 2.7)
    letter_opener (1.7.0)
      launchy (~> 2.2)
    letter_opener_web (1.3.4)
      actionmailer (>= 3.2)
      letter_opener (~> 1.0)
      railties (>= 3.2)
    libv8 (3.16.14.19)
    listen (3.1.5)
      rb-fsevent (~> 0.9, >= 0.9.4)
      rb-inotify (~> 0.9, >= 0.9.7)
      ruby_dep (~> 1.2)
    loofah (2.3.1)
      crass (~> 1.0.2)
      nokogiri (>= 1.5.9)
    mail (2.7.1)
      mini_mime (>= 0.1.1)
    marcel (0.3.3)
      mimemagic (~> 0.3.2)
    method_source (1.0.0)
    mime-types (3.3.1)
      mime-types-data (~> 3.2015)
    mime-types-data (3.2020.0512)
    mimemagic (0.3.5)
    mini_magick (4.10.1)
    mini_mime (1.0.2)
    mini_portile2 (2.4.0)
    minitest (5.14.1)
    money (6.13.8)
      i18n (>= 0.6.4, <= 2)
    multi_json (1.15.0)
    multi_xml (0.6.0)
    multipart-post (2.1.1)
    mustache (1.1.1)
    net-scp (3.0.0)
      net-ssh (>= 2.6.5, < 7.0.0)
    net-ssh (6.1.0)
    netrc (0.11.0)
    nio4r (2.5.2)
    nobspw (0.6.2)
    nokogiri (1.10.9)
      mini_portile2 (~> 2.4.0)
    nokogumbo (1.5.0)
      nokogiri
    oauth (0.5.4)
    oauth2 (1.4.4)
      faraday (>= 0.8, < 2.0)
      jwt (>= 1.0, < 3.0)
      multi_json (~> 1.3)
      multi_xml (~> 0.5)
      rack (>= 1.2, < 3)
    omniauth (1.9.1)
      hashie (>= 3.4.6)
      rack (>= 1.6.2, < 3)
    omniauth-facebook (5.0.0)
      omniauth-oauth2 (~> 1.2)
    omniauth-google-oauth2 (0.8.0)
      jwt (>= 2.0)
      omniauth (>= 1.1.1)
      omniauth-oauth2 (>= 1.6)
    omniauth-oauth (1.1.0)
      oauth
      omniauth (~> 1.0)
    omniauth-oauth2 (1.7.0)
      oauth2 (~> 1.4)
      omniauth (~> 1.9)
    omniauth-rails_csrf_protection (0.1.2)
      actionpack (>= 4.2)
      omniauth (>= 1.3.1)
    omniauth-twitter (1.4.0)
      omniauth-oauth (~> 1.1)
      rack
    orm_adapter (0.5.0)
    paper_trail (10.3.1)
      activerecord (>= 4.2)
      request_store (~> 1.1)
    pg (1.1.4)
    pg_search (2.3.2)
      activerecord (>= 5.2)
      activesupport (>= 5.2)
    premailer (1.13.1)
      addressable
      css_parser (>= 1.6.0)
      htmlentities (>= 4.0.0)
    premailer-rails (1.11.1)
      actionmailer (>= 3)
      premailer (~> 1.7, >= 1.7.9)
    public_suffix (4.0.5)
    puma (4.3.5)
      nio4r (~> 2.0)
    puma-plugin-systemd (0.1.5)
      json
      puma (>= 3.6, < 5)
    puma_worker_killer (0.3.0)
      get_process_mem (~> 0.2)
      puma (>= 2.7, < 5)
    rack (2.2.3)
    rack-attack (6.3.1)
      rack (>= 1.0, < 3)
    rack-cors (1.1.1)
      rack (>= 2.0.0)
    rack-test (1.1.0)
      rack (>= 1.0, < 3)
    rails (5.2.4.3)
      actioncable (= 5.2.4.3)
      actionmailer (= 5.2.4.3)
      actionpack (= 5.2.4.3)
      actionview (= 5.2.4.3)
      activejob (= 5.2.4.3)
      activemodel (= 5.2.4.3)
      activerecord (= 5.2.4.3)
      activestorage (= 5.2.4.3)
      activesupport (= 5.2.4.3)
      bundler (>= 1.3.0)
      railties (= 5.2.4.3)
      sprockets-rails (>= 2.0.0)
    rails-dom-testing (2.0.3)
      activesupport (>= 4.2.0)
      nokogiri (>= 1.6)
    rails-html-sanitizer (1.3.0)
      loofah (~> 2.3)
    rails-i18n (5.1.3)
      i18n (>= 0.7, < 2)
      railties (>= 5.0, < 6)
    railties (5.2.4.3)
      actionpack (= 5.2.4.3)
      activesupport (= 5.2.4.3)
      method_source
      rake (>= 0.8.7)
      thor (>= 0.19.0, < 2.0)
    rake (13.0.1)
    ransack (2.1.1)
      actionpack (>= 5.0)
      activerecord (>= 5.0)
      activesupport (>= 5.0)
      i18n
    rb-fsevent (0.10.4)
    rb-inotify (0.10.1)
      ffi (~> 1.0)
    rbnacl (4.0.2)
      ffi
    rbnacl-libsodium (1.0.16)
      rbnacl (>= 3.0.1)
    rectify (0.13.0)
      activemodel (>= 4.1.0)
      activerecord (>= 4.1.0)
      activesupport (>= 4.1.0)
      virtus (~> 1.0.5)
      wisper (>= 1.6.1)
    redcarpet (3.5.0)
    redis (4.2.1)
    ref (2.0.0)
    request_store (1.5.0)
      rack (>= 1.4)
    responders (3.0.1)
      actionpack (>= 5.0)
      railties (>= 5.0)
    rest-client (2.1.0)
      http-accept (>= 1.7.0, < 2.0)
      http-cookie (>= 1.0.2, < 2.0)
      mime-types (>= 1.16, < 4.0)
      netrc (~> 0.8)
    rinku (2.0.6)
    ruby-ole (1.2.12.2)
    ruby_dep (1.5.0)
    rubyzip (2.0.0)
    sanitize (4.6.6)
      crass (~> 1.0.2)
      nokogiri (>= 1.4.4)
      nokogumbo (~> 1.4)
    sass (3.4.25)
    sassc (2.3.0)
      ffi (~> 1.9)
    sassc-rails (2.1.2)
      railties (>= 4.0.0)
      sassc (>= 2.0)
      sprockets (> 3.0)
      sprockets-rails
      tilt
    searchlight (4.1.0)
    seven_zip_ruby (1.3.0)
    sixarm_ruby_unaccent (1.2.0)
    social-share-button (1.2.3)
      coffee-rails
    sort_alphabetical (1.1.0)
      unicode_utils (>= 1.2.2)
    spreadsheet (1.2.6)
      ruby-ole (>= 1.0)
    sprockets (3.7.2)
      concurrent-ruby (~> 1.0)
      rack (> 1, < 3)
    sprockets-es6 (0.9.2)
      babel-source (>= 5.8.11)
      babel-transpiler
      sprockets (>= 3.0.0)
    sprockets-rails (3.2.1)
      actionpack (>= 4.0)
      activesupport (>= 4.0)
      sprockets (>= 3.0.0)
    sshkit (1.21.0)
      net-scp (>= 1.1.2)
      net-ssh (>= 2.8.0)
    temple (0.8.2)
    therubyracer (0.12.3)
      libv8 (~> 3.16.14.15)
      ref
    thor (1.0.1)
    thread_safe (0.3.6)
    tilt (2.0.10)
    truncato (0.7.11)
      htmlentities (~> 4.3.1)
      nokogiri (>= 1.7.0, <= 2.0)
    tzinfo (1.2.7)
      thread_safe (~> 0.1)
    uber (0.1.0)
    uglifier (4.2.0)
      execjs (>= 0.3.0, < 3)
    unf (0.1.4)
      unf_ext
    unf_ext (0.0.7.7)
    unicode_utils (1.4.0)
    valid_email2 (2.3.1)
      activemodel (>= 3.2)
      mail (~> 2.5)
    virtus (1.0.5)
      axiom-types (~> 0.1)
      coercible (~> 1.0)
      descendants_tracker (~> 0.0, >= 0.0.3)
      equalizer (~> 0.0, >= 0.0.9)
    warden (1.2.8)
      rack (>= 2.0.6)
    web-console (3.7.0)
      actionview (>= 5.0)
      activemodel (>= 5.0)
      bindex (>= 0.4.0)
      railties (>= 5.0)
    websocket-driver (0.7.2)
      websocket-extensions (>= 0.1.0)
    websocket-extensions (0.1.5)
    wisper (2.0.1)

PLATFORMS
  ruby

DEPENDENCIES
  airbrake (~> 7.3)
  bcrypt_pbkdf (>= 1.0, < 2.0)
  byebug
  capistrano (~> 3.10.0)
  capistrano-chruby
  capistrano-cloud-stuff!
  capistrano-rails
  connection_pool
  country_select (~> 3.1)
  dalli
  decidim!
  decidim-calendar!
  decidim-consultations
  decidim-members!
  delayed_job_active_record
  ed25519 (>= 1.2, < 2.0)
  faker
  kaminari (~> 1.2.1)
  language_list
  letter_opener_web (~> 1.3.0)
  listen (~> 3.1.0)
  nokogiri (>= 1.10.8)
  puma (>= 4.3.5)
  puma-plugin-systemd
  puma_worker_killer
  rack (>= 2.0.8)
  rack-attack
  rails (>= 5.2.4.3, < 6.0)
  rbnacl (>= 3.2.0, < 5.0)
  rbnacl-libsodium
  sprockets (< 4.0)
  therubyracer
  uglifier (>= 1.3.0)
  web-console

RUBY VERSION
   ruby 2.6.5p114

BUNDLED WITH
   1.17.2
